!INTERFILE :=
!imaging modality := nucmed
;# imaging modality 2 := EMS
!originating system := simind
!version of keys := 3.3
program author := M Ljungberg, Lund University
program version := V8.0
  
!GENERAL DATA :=
original institution := Medical Radiation Physics
contact person := M Ljungberg
!data offset in bytes := 0
!name of data file := cbf1.a00
patient name := SMC_cbf1.a00
!study ID := cbf
data description := SPECT test data, brain phantom
;# Radionuclide :=
exam type := EMISSION VBRN
!patient ID := SIMIND
  
!GENERAL IMAGE DATA :=
patient orientation := head_in
patient position := supine
;decay corrected := Y
!type of data := tomographic
study date := 2024:07:05
study time := 10:41:08
imagedata byte order := LITTLEENDIAN
patient position := supine
patient orientation := head_in
;energy window lower level := 129.50
;energy window upper level := 150.50
!total number of images := 64
!number of energy windows := 1
!matrix size [1] := 128
!matrix size [2] := 128
!number format := short float
!number of bytes per pixel := 4
imagedata byte order := LITTLEENDIAN
scaling factor (mm/pixel) [1] := 4.664000
scaling factor (mm/pixel) [2] := 4.664000
;# Image Position First image := -298.4960 -298.4960 298.496000
;# Image Orientation := 1.0 0.0 0.0 0.0 0.0 -1.0
;# Units of data (ECT) := counts
  
!SPECT STUDY (General) :=
number of detector heads := 1
!extent of rotation := 360
!process status := acquired
!number of projections := 64
!number of images/energy window := 64
!time per projection (sec) := 1.000000
image duration (sec) := 64.000000
maximum pixel count := 0.079860
;# total counts := 3720.204651
;# Center of Rotation := 65.000000
  
!SPECT STUDY (acquired data) :=
orbit := noncircular
;# Non-Uniform Orbit File := cbf1.cor
acquisition mode := stepped
!direction of rotation := CCW
start angle := 0.000000
;# X_offset := 0.000000
  
;# Name of Aligned Density Map := none.hct
;# Name of Aligned transmission study := none.hct
  
;# SIMIND-SPECIFIC PARAMETERS :=
;# Intrinsic FWHM for the camera := 3.800000
;# Collimator := gi-lehr
;# Collimator hole diameter := 1.212000
;# Collimator hole septa := 0.120000
;# Collimator thickness := 32.800000
;# SIMIND: Photon Energy := 140.000000
;# Crystal Thickness := 9.525000
;# SIMIND: Time shift := -9999.000000
  
!END OF INTERFILE :=
